PATH
  remote: .
  specs:
    feh-bin (0.1.2)

GEM
  remote: https://rubygems.org/
  specs:
    minitest (5.11.3)
    rake (10.5.0)

PLATFORMS
  ruby

DEPENDENCIES
  bundler (~> 1.16)
  feh-bin!
  minitest (~> 5.0)
  rake (~> 10.0)

BUNDLED WITH
   1.16.5
