PATH
  remote: .
  specs:
    feh-bin (0.2.0)

GEM
  remote: https://rubygems.org/
  specs:
    minitest (5.18.0)
    rake (10.5.0)

PLATFORMS
  x86_64-linux

DEPENDENCIES
  bundler
  feh-bin!
  minitest
  rake

BUNDLED WITH
   2.4.6
